GEM
  remote: http://rubygems.org/
  specs:
    activemodel (3.2.13)
      activesupport (= 3.2.13)
      builder (~> 3.0.0)
    activerecord (3.2.13)
      activemodel (= 3.2.13)
      activesupport (= 3.2.13)
      arel (~> 3.0.2)
      tzinfo (~> 0.3.29)
    activesupport (3.2.13)
      i18n (= 0.6.1)
      multi_json (~> 1.0)
    addressable (2.3.4)
    arel (3.0.2)
    builder (3.0.4)
    commonjs (0.2.6)
    daemons (1.1.9)
    erubis (2.7.0)
    eventmachine (1.0.3)
    excon (0.20.1)
    git (1.2.5)
    heroku (2.39.2)
      heroku-api (~> 0.3.7)
      launchy (>= 0.3.2)
      netrc (~> 0.7.7)
      rest-client (~> 1.6.1)
      rubyzip
    heroku-api (0.3.9)
      excon (~> 0.20.1)
    http_router (0.5.4)
      rack (>= 1.0.0)
      url_mount (~> 0.2.1)
    i18n (0.6.1)
    launchy (2.3.0)
      addressable (~> 2.3)
    less (2.3.2)
      commonjs (~> 0.2.6)
    libv8 (3.11.8.17)
    mail (2.5.3)
      i18n (>= 0.4.0)
      mime-types (~> 1.16)
      treetop (~> 1.4.8)
    mime-types (1.23)
    minitest (2.6.2)
    multi_json (1.7.2)
    netrc (0.7.7)
    padrino (0.9.21)
      padrino-admin (= 0.9.21)
      padrino-cache (= 0.9.21)
      padrino-core (= 0.9.21)
      padrino-gen (= 0.9.21)
      padrino-helpers (= 0.9.21)
      padrino-mailer (= 0.9.21)
    padrino-admin (0.9.21)
      padrino-core (= 0.9.21)
      padrino-helpers (= 0.9.21)
    padrino-cache (0.9.21)
      padrino-core (= 0.9.21)
    padrino-core (0.9.21)
      activesupport (>= 3.0.0)
      http_router (~> 0.5.4)
      sinatra (>= 1.1.0)
      thor (>= 0.14.3)
      tzinfo
    padrino-gen (0.9.21)
      bundler (>= 1.0.2)
      git
      padrino-core (= 0.9.21)
    padrino-helpers (0.9.21)
      i18n (>= 0.4.1)
      padrino-core (= 0.9.21)
    padrino-mailer (0.9.21)
      mail (>= 2.2.0)
      padrino-core (= 0.9.21)
    pg (0.15.1)
    polyglot (0.3.3)
    rack (1.5.2)
    rack-less (3.0.2)
      less (~> 2.0)
      rack (~> 1.0)
    rack-protection (1.5.0)
      rack
    rack-test (0.6.2)
      rack (>= 1.0)
    rake (10.0.4)
    ref (1.0.4)
    rest-client (1.6.7)
      mime-types (>= 1.16)
    rr (1.0.5)
    rubyzip (0.9.9)
    shotgun (0.9)
      rack (>= 1.0)
    sinatra (1.4.2)
      rack (~> 1.5, >= 1.5.2)
      rack-protection (~> 1.4)
      tilt (~> 1.3, >= 1.3.4)
    sinatra-flash (0.3.0)
      sinatra (>= 1.0.0)
    therubyracer (0.11.4)
      libv8 (~> 3.11.8.12)
      ref
    thin (1.5.1)
      daemons (>= 1.0.9)
      eventmachine (>= 0.12.6)
      rack (>= 1.0.0)
    thor (0.18.1)
    tilt (1.4.0)
    treetop (1.4.12)
      polyglot
      polyglot (>= 0.3.1)
    tzinfo (0.3.37)
    url_mount (0.2.1)
      rack

PLATFORMS
  ruby

DEPENDENCIES
  activerecord (~> 3)
  erubis (~> 2.7.0)
  heroku
  less
  minitest (~> 2.6.0)
  padrino
  pg
  rack-less
  rack-test
  rake
  rr
  shotgun
  sinatra-flash
  therubyracer
  thin
